GEM
  remote: https://rubygems.org/
  remote: http://gemcutter.org/
  specs:
    activemodel (3.2.13)
      activesupport (= 3.2.13)
      builder (~> 3.0.0)
    activesupport (3.2.13)
      i18n (= 0.6.1)
      multi_json (~> 1.0)
    addressable (2.3.4)
    backports (3.3.0)
    builder (3.0.4)
    cap-recipes (0.3.39)
    capistrano (2.15.3)
      highline
      net-scp (>= 1.0.0)
      net-sftp (>= 2.0.0)
      net-ssh (>= 2.0.14)
      net-ssh-gateway (>= 1.1.0)
    capistrano-ext (1.2.1)
      capistrano (>= 1.0.0)
    capistrano_colors (0.5.5)
    daemons (1.1.9)
    diff-lcs (1.2.4)
    dotenv (0.7.0)
    em-websocket (0.3.8)
      addressable (>= 2.1.1)
      eventmachine (>= 0.12.9)
    eventmachine (1.0.3)
    eventmachine (1.0.3-java)
    foreman (0.63.0)
      dotenv (>= 0.7)
      thor (>= 0.13.6)
    highline (1.6.18)
    i18n (0.6.1)
    jruby-jars (1.7.3)
    jruby-rack (1.1.13.2)
    mongoid (3.1.3)
      activemodel (~> 3.2)
      moped (~> 1.4.2)
      origin (~> 1.0)
      tzinfo (~> 0.3.22)
    mongoid-autoinc (0.3.2)
      activesupport
      mongoid (~> 3.0)
      rake
    mongoid-nested-serialization (0.0.6)
      mongoid
      multi_json
    mongoid-rspec (1.8.0)
      mongoid (>= 3.0.1)
      rake
      rspec (>= 2.9)
    moped (1.4.5)
    multi_json (1.7.2)
    net-scp (1.1.0)
      net-ssh (>= 2.6.5)
    net-sftp (2.1.1)
      net-ssh (>= 2.6.5)
    net-ssh (2.6.7)
    net-ssh-gateway (1.2.0)
      net-ssh (>= 2.6.5)
    origin (1.1.0)
    rack (1.5.2)
    rack-protection (1.5.0)
      rack
    rack-test (0.6.2)
      rack (>= 1.0)
    rake (10.0.4)
    rspec (2.13.0)
      rspec-core (~> 2.13.0)
      rspec-expectations (~> 2.13.0)
      rspec-mocks (~> 2.13.0)
    rspec-core (2.13.1)
    rspec-expectations (2.13.0)
      diff-lcs (>= 1.1.3, < 2.0)
    rspec-mocks (2.13.1)
    rubyzip (0.9.9)
    rvm-capistrano (1.3.0)
      capistrano (>= 2.0.0)
    sinatra (1.4.2)
      rack (~> 1.5, >= 1.5.2)
      rack-protection (~> 1.4)
      tilt (~> 1.3, >= 1.3.4)
    sinatra-contrib (1.4.0)
      backports (>= 2.0)
      eventmachine
      rack-protection
      rack-test
      sinatra (~> 1.4.2)
      tilt (~> 1.3)
    sinatra-websocket (0.3.0)
      em-websocket (~> 0.3.6)
      eventmachine
      thin (>= 1.3.1)
    thin (1.5.1)
      daemons (>= 1.0.9)
      eventmachine (>= 0.12.6)
      rack (>= 1.0.0)
    thor (0.18.1)
    tilt (1.3.7)
    tzinfo (0.3.37)
    warbler (1.3.6)
      jruby-jars (>= 1.4.0)
      jruby-rack (>= 1.0.0)
      rake (>= 0.8.7)
      rubyzip (>= 0.9.4)

PLATFORMS
  java
  ruby

DEPENDENCIES
  cap-recipes
  capistrano (~> 2.15)
  capistrano-ext (~> 1.2.1)
  capistrano_colors (~> 0.5.3)
  foreman
  mongoid
  mongoid-autoinc (~> 0.3.0)
  mongoid-nested-serialization
  mongoid-rspec
  rspec
  rvm-capistrano
  sinatra
  sinatra-contrib
  sinatra-websocket
  thin
  warbler
